GIT
  remote: git://github.com/kindjal/jquery-datatables-tabletools-rails.git
  revision: 4a4036d4567217f0cf3cd7e66169f7fb80c8cb8e
  specs:
    jquery-datatables-tabletools-rails (2.0.3)
      jquery-datatables-rails

GIT
  remote: git://github.com/rweng/jquery-datatables-rails.git
  revision: a2fafcb2c78d817c5ad849d834ed259a1b43c269
  specs:
    jquery-datatables-rails (3.3.0)
      actionpack (>= 3.1)
      jquery-rails
      railties (>= 3.1)
      sass-rails

GIT
  remote: git://github.com/seyhunak/twitter-bootstrap-rails.git
  revision: 665e50e7511d5418fbcf76ccb15c593f953d197a
  specs:
    twitter-bootstrap-rails (3.2.1)
      actionpack (>= 3.1)
      execjs (>= 2.2.2, >= 2.2)
      less-rails (>= 2.5.0)
      railties (>= 3.1)

GIT
  remote: git://github.com/wiwie/authlogic.git
  revision: 4119a93d98379d56af21f92533f7d5946d80418f
  specs:
    authlogic (3.2.0)
      activerecord (>= 3.0.0)
      activesupport (>= 3.0.0)

GIT
  remote: git://github.com/wiwie/jquery-ui-rails.git
  revision: 308191c19ac05d9db207853f3bcbcfb1d7cdf64c
  specs:
    jquery-ui-rails (4.2.1)
      railties (>= 3.2.8)

GEM
  remote: https://rubygems.org/
  specs:
    actionmailer (4.2.4)
      actionpack (= 4.2.4)
      actionview (= 4.2.4)
      activejob (= 4.2.4)
      mail (~> 2.5, >= 2.5.4)
      rails-dom-testing (~> 1.0, >= 1.0.5)
    actionpack (4.2.4)
      actionview (= 4.2.4)
      activesupport (= 4.2.4)
      rack (~> 1.6)
      rack-test (~> 0.6.2)
      rails-dom-testing (~> 1.0, >= 1.0.5)
      rails-html-sanitizer (~> 1.0, >= 1.0.2)
    actionview (4.2.4)
      activesupport (= 4.2.4)
      builder (~> 3.1)
      erubis (~> 2.7.0)
      rails-dom-testing (~> 1.0, >= 1.0.5)
      rails-html-sanitizer (~> 1.0, >= 1.0.2)
    activejob (4.2.4)
      activesupport (= 4.2.4)
      globalid (>= 0.3.0)
    activemodel (4.2.4)
      activesupport (= 4.2.4)
      builder (~> 3.1)
    activerecord (4.2.4)
      activemodel (= 4.2.4)
      activesupport (= 4.2.4)
      arel (~> 6.0)
    activesupport (4.2.4)
      i18n (~> 0.7)
      json (~> 1.7, >= 1.7.7)
      minitest (~> 5.1)
      thread_safe (~> 0.3, >= 0.3.4)
      tzinfo (~> 1.1)
    arel (6.0.3)
    builder (3.2.2)
    cells (4.0.2)
      tilt (>= 1.4, < 3)
      uber (~> 0.0.9)
    cells-erb (0.0.6)
      cells (~> 4.0.0.beta6)
      erbse (>= 0.0.2)
    coffee-rails (4.1.0)
      coffee-script (>= 2.2.0)
      railties (>= 4.0.0, < 5.0)
    coffee-script (2.4.1)
      coffee-script-source
      execjs
    coffee-script-source (1.9.1.1)
    commonjs (0.2.7)
    composite_primary_keys (8.1.1)
      activerecord (~> 4.2.0)
    dynamic_form (1.1.4)
    erbse (0.0.2)
    erubis (2.7.0)
    execjs (2.6.0)
    globalid (0.3.6)
      activesupport (>= 4.1.0)
    i18n (0.7.0)
    immigrant (0.3.4)
      activerecord (>= 3.0)
    jquery-rails (4.0.5)
      rails-dom-testing (~> 1.0)
      railties (>= 4.2.0)
      thor (>= 0.14, < 2.0)
    json (1.8.3)
    less (2.6.0)
      commonjs (~> 0.2.7)
    less-rails (2.7.0)
      actionpack (>= 4.0)
      less (~> 2.6.0)
      sprockets (> 2, < 4)
      tilt
    libv8 (3.16.14.11)
    loofah (2.0.3)
      nokogiri (>= 1.5.9)
    mail (2.6.3)
      mime-types (>= 1.16, < 3)
    mathjax-rails (2.5.1)
      railties (>= 3.0)
    mime-types (2.6.1)
    mini_portile (0.6.2)
    minitest (5.8.0)
    mysql2 (0.4.0)
    nokogiri (1.6.6.2)
      mini_portile (~> 0.6.0)
    pg (0.18.3)
    protected_attributes (1.1.3)
      activemodel (>= 4.0.1, < 5.0)
    rack (1.6.4)
    rack-test (0.6.3)
      rack (>= 1.0)
    rails (4.2.4)
      actionmailer (= 4.2.4)
      actionpack (= 4.2.4)
      actionview (= 4.2.4)
      activejob (= 4.2.4)
      activemodel (= 4.2.4)
      activerecord (= 4.2.4)
      activesupport (= 4.2.4)
      bundler (>= 1.3.0, < 2.0)
      railties (= 4.2.4)
      sprockets-rails
    rails-deprecated_sanitizer (1.0.3)
      activesupport (>= 4.2.0.alpha)
    rails-dom-testing (1.0.7)
      activesupport (>= 4.2.0.beta, < 5.0)
      nokogiri (~> 1.6.0)
      rails-deprecated_sanitizer (>= 1.0.1)
    rails-html-sanitizer (1.0.2)
      loofah (~> 2.0)
    rails3-generators (1.0.0)
      railties (>= 3.0.0)
    railties (4.2.4)
      actionpack (= 4.2.4)
      activesupport (= 4.2.4)
      rake (>= 0.8.7)
      thor (>= 0.18.1, < 2.0)
    rake (10.4.2)
    raphael-rails (2.1.2)
    ref (2.0.0)
    sass (3.4.18)
    sass-rails (5.0.4)
      railties (>= 4.0.0, < 5.0)
      sass (~> 3.1)
      sprockets (>= 2.8, < 4.0)
      sprockets-rails (>= 2.0, < 4.0)
      tilt (>= 1.1, < 3)
    simple-navigation (4.0.3)
      activesupport (>= 2.3.2)
    sitemap_generator (5.1.0)
      builder
    sprockets (3.3.4)
      rack (~> 1.0)
    sprockets-rails (2.3.3)
      actionpack (>= 3.0)
      activesupport (>= 3.0)
      sprockets (>= 2.8, < 4.0)
    therubyracer (0.12.2)
      libv8 (~> 3.16.14.0)
      ref
    thor (0.19.1)
    thread_safe (0.3.5)
    tilt (2.0.1)
    tzinfo (1.2.2)
      thread_safe (~> 0.1)
    uber (0.0.15)
    uglifier (2.7.2)
      execjs (>= 0.3.0)
      json (>= 1.8.0)

PLATFORMS
  ruby

DEPENDENCIES
  authlogic!
  cells
  cells-erb
  coffee-rails
  composite_primary_keys
  dynamic_form
  execjs
  immigrant
  jquery-datatables-rails!
  jquery-datatables-tabletools-rails!
  jquery-rails
  jquery-ui-rails!
  json
  mathjax-rails
  mysql2
  pg
  protected_attributes
  rails
  rails3-generators
  raphael-rails
  sass-rails
  simple-navigation
  sitemap_generator
  therubyracer
  twitter-bootstrap-rails!
  uglifier

BUNDLED WITH
   1.10.6
