GIT
  remote: git://github.com/centresource/rails_sql_views.git
  revision: 0486fff084032367b4c08bf0a51b151ef86a08f1
  specs:
    rails_sql_views (0.8.0.2.laripk)
      activerecord
      rails (~> 3.1.rc1)
      rake (~> 0.9)

GIT
  remote: git://github.com/kindjal/jquery-datatables-tabletools-rails.git
  revision: 4a4036d4567217f0cf3cd7e66169f7fb80c8cb8e
  specs:
    jquery-datatables-tabletools-rails (2.0.3)
      jquery-datatables-rails

GIT
  remote: git://github.com/rweng/jquery-datatables-rails.git
  revision: 24c0513a93cbd749da252dc85bf26e5ef46f5a5f
  specs:
    jquery-datatables-rails (3.3.0)
      actionpack (>= 3.1)
      jquery-rails
      railties (>= 3.1)
      sass-rails

GIT
  remote: git://github.com/wiwie/authlogic.git
  revision: 4119a93d98379d56af21f92533f7d5946d80418f
  specs:
    authlogic (3.2.0)
      activerecord (>= 3.0.0)
      activesupport (>= 3.0.0)

GIT
  remote: git://github.com/wiwie/jquery-ui-rails.git
  revision: 308191c19ac05d9db207853f3bcbcfb1d7cdf64c
  specs:
    jquery-ui-rails (4.2.1)
      railties (>= 3.2.8)

GIT
  remote: git://github.com/wiwie/twitter-bootstrap-rails.git
  revision: 9b862e4c2ca8452f5b4e6f1c8ebd7201ddb974f4
  specs:
    twitter-bootstrap-rails (2.2.8)
      actionpack (>= 3.1)
      execjs
      rails (>= 3.1)
      railties (>= 3.1)

GEM
  remote: https://rubygems.org/
  specs:
    actionmailer (3.2.21)
      actionpack (= 3.2.21)
      mail (~> 2.5.4)
    actionpack (3.2.21)
      activemodel (= 3.2.21)
      activesupport (= 3.2.21)
      builder (~> 3.0.0)
      erubis (~> 2.7.0)
      journey (~> 1.0.4)
      rack (~> 1.4.5)
      rack-cache (~> 1.2)
      rack-test (~> 0.6.1)
      sprockets (~> 2.2.1)
    activemodel (3.2.21)
      activesupport (= 3.2.21)
      builder (~> 3.0.0)
    activerecord (3.2.21)
      activemodel (= 3.2.21)
      activesupport (= 3.2.21)
      arel (~> 3.0.2)
      tzinfo (~> 0.3.29)
    activeresource (3.2.21)
      activemodel (= 3.2.21)
      activesupport (= 3.2.21)
    activesupport (3.2.21)
      i18n (~> 0.6, >= 0.6.4)
      multi_json (~> 1.0)
    arel (3.0.3)
    builder (3.0.4)
    cells (3.11.3)
      actionpack (>= 3.0)
      railties (>= 3.0)
      uber (~> 0.0.8)
    coffee-rails (3.2.2)
      coffee-script (>= 2.2.0)
      railties (~> 3.2.0)
    coffee-script (2.4.1)
      coffee-script-source
      execjs
    coffee-script-source (1.9.1.1)
    composite_primary_keys (5.0.14)
      activerecord (~> 3.2.0, >= 3.2.9)
    dynamic_form (1.1.4)
    erubis (2.7.0)
    execjs (2.5.2)
    foreigner (1.7.4)
      activerecord (>= 3.0.0)
    hike (1.2.3)
    i18n (0.7.0)
    immigrant (0.3.4)
      activerecord (>= 3.0)
    journey (1.0.4)
    jquery-rails (3.1.2)
      railties (>= 3.0, < 5.0)
      thor (>= 0.14, < 2.0)
    json (1.8.2)
    libv8 (3.16.14.7)
    mail (2.5.4)
      mime-types (~> 1.16)
      treetop (~> 1.4.8)
    mathjax-rails (2.5.1)
      railties (>= 3.0)
    mime-types (1.25.1)
    multi_json (1.11.0)
    mysql2 (0.3.18)
    pg (0.18.2)
    polyglot (0.3.5)
    rack (1.4.5)
    rack-cache (1.2)
      rack (>= 0.4)
    rack-ssl (1.3.4)
      rack
    rack-test (0.6.3)
      rack (>= 1.0)
    rails (3.2.21)
      actionmailer (= 3.2.21)
      actionpack (= 3.2.21)
      activerecord (= 3.2.21)
      activeresource (= 3.2.21)
      activesupport (= 3.2.21)
      bundler (~> 1.0)
      railties (= 3.2.21)
    rails3-generators (1.0.0)
      railties (>= 3.0.0)
    railties (3.2.21)
      actionpack (= 3.2.21)
      activesupport (= 3.2.21)
      rack-ssl (~> 1.3.2)
      rake (>= 0.8.7)
      rdoc (~> 3.4)
      thor (>= 0.14.6, < 2.0)
    rake (0.9.6)
    raphael-rails (2.1.2)
    rdoc (3.12.2)
      json (~> 1.4)
    ref (1.0.5)
    sass (3.4.14)
    sass-rails (3.2.6)
      railties (~> 3.2.0)
      sass (>= 3.1.10)
      tilt (~> 1.3)
    simple-navigation (4.0.3)
      activesupport (>= 2.3.2)
    sitemap_generator (5.0.5)
      builder
    sprockets (2.2.3)
      hike (~> 1.2)
      multi_json (~> 1.0)
      rack (~> 1.0)
      tilt (~> 1.1, != 1.3.0)
    therubyracer (0.12.2)
      libv8 (~> 3.16.14.0)
      ref
    thor (0.19.1)
    tilt (1.4.1)
    treetop (1.4.15)
      polyglot
      polyglot (>= 0.3.1)
    tzinfo (0.3.44)
    uber (0.0.13)
    uglifier (2.7.1)
      execjs (>= 0.3.0)
      json (>= 1.8.0)

PLATFORMS
  ruby

DEPENDENCIES
  authlogic!
  cells
  coffee-rails
  composite_primary_keys
  dynamic_form
  execjs
  foreigner
  immigrant
  jquery-datatables-rails!
  jquery-datatables-tabletools-rails!
  jquery-rails
  jquery-ui-rails!
  json
  mathjax-rails
  mysql2
  pg
  rails
  rails3-generators
  rails_sql_views!
  raphael-rails
  sass-rails
  simple-navigation
  sitemap_generator
  therubyracer
  twitter-bootstrap-rails!
  uglifier
